PATH
  remote: .
  specs:
    dot_foo (0.0.1)
      gli (= 2.4.1)

GEM
  remote: http://rubygems.org/
  specs:
    diff-lcs (1.1.3)
    gli (2.4.1)
    json (1.7.5)
    rake (0.9.2.2)
    rdoc (3.12)
      json (~> 1.4)
    rspec (2.11.0)
      rspec-core (~> 2.11.0)
      rspec-expectations (~> 2.11.0)
      rspec-mocks (~> 2.11.0)
    rspec-core (2.11.1)
    rspec-expectations (2.11.3)
      diff-lcs (~> 1.1.3)
    rspec-mocks (2.11.3)

PLATFORMS
  ruby

DEPENDENCIES
  dot_foo!
  rake
  rdoc
  rspec
